GIT
  remote: git://github.com/Nemo157/geom3d.git
  revision: 762947d1313c707f5b90a47abf9d7fee28349b96
  branch: master
  specs:
    geom3d (0.1.2)

GIT
  remote: git://github.com/Nemo157/rubytracer.git
  revision: 69c4ea74a211e9cbbdf84737c02b6e4189e261c0
  branch: master
  specs:
    rubytracer (0.1.0)
      geom3d

GEM
  remote: http://rubygems.org/
  specs:
    json (1.4.6)
    rack (1.2.1)
    rake (0.8.7)
    redis (2.1.1)
    redis-namespace (0.8.0)
      redis (< 3.0.0)
    resque (1.10.0)
      json (~> 1.4.6)
      redis-namespace (~> 0.8.0)
      sinatra (>= 0.9.2)
      vegas (~> 0.1.2)
    sinatra (1.1.2)
      rack (~> 1.1)
      tilt (~> 1.2)
    tilt (1.2.2)
    vegas (0.1.8)
      rack (>= 1.0.0)

PLATFORMS
  ruby

DEPENDENCIES
  geom3d!
  rake
  redis
  resque
  rubytracer!
