GIT
  remote: git://github.com/Nemo157/geom3d.git
  revision: 1ab6ab4fadbfa8d2c9cb9a9780a0bb70e1b8360e
  branch: master
  specs:
    geom3d (0.1.1)

GIT
  remote: git://github.com/Nemo157/rubytracer.git
  revision: b73dadca4e58d7acc70b8d313ed564627a4d79b2
  branch: master
  specs:
    rubytracer (0.1.0)
      geom3d

GEM
  remote: http://rubygems.org/
  specs:
    redis (2.1.1)

PLATFORMS
  ruby

DEPENDENCIES
  geom3d!
  redis
  rubytracer!
