GEM
  remote: http://rubygems.org/
  specs:
    geom3d (0.1.1)
    redis (2.1.1)
    rubytracer (0.1.0)
      geom3d

PLATFORMS
  ruby

DEPENDENCIES
  redis
  rubytracer
